GEM
  remote: https://rubygems.org/
  specs:
    activesupport (3.2.15)
      i18n (~> 0.6, >= 0.6.4)
      multi_json (~> 1.0)
    bluepill (0.0.66)
      activesupport (>= 3.0.0, < 4.0.0)
      daemons (~> 1.1.4)
      i18n (>= 0.5.0)
      state_machine (~> 1.1)
    daemons (1.1.9)
    i18n (0.6.5)
    multi_json (1.8.2)
    state_machine (1.2.0)

PLATFORMS
  ruby

DEPENDENCIES
  bluepill (= 0.0.66)
